GEM
  remote: http://rubygems.org/
  specs:
    actionmailer (2.3.14)
      actionpack (= 2.3.14)
    actionpack (2.3.14)
      activesupport (= 2.3.14)
      rack (~> 1.1.0)
    activerecord (2.3.14)
      activesupport (= 2.3.14)
    activeresource (2.3.14)
      activesupport (= 2.3.14)
    activesupport (2.3.14)
    annotate (2.5.0)
      rake
    differ (0.1.2)
    factory_girl (1.3.3)
    fastercsv (1.5.5)
    haml (3.1.7)
    htmlentities (4.3.1)
    json (1.7.5)
    pg (0.14.1)
    rack (1.1.3)
    rails (2.3.14)
      actionmailer (= 2.3.14)
      actionpack (= 2.3.14)
      activerecord (= 2.3.14)
      activeresource (= 2.3.14)
      activesupport (= 2.3.14)
      rake (>= 0.8.3)
    rake (0.9.2.2)
    rdoc (3.12)
      json (~> 1.4)
    searchlogic (2.5.8)
      activerecord (~> 2.3.12)
      activerecord (~> 2.3.12)
    shoulda (3.0.1)
      shoulda-context (~> 1.0.0)
      shoulda-matchers (~> 1.0.0)
    shoulda-context (1.0.1)
    shoulda-matchers (1.0.0)
    will_paginate (2.3.16)

PLATFORMS
  ruby

DEPENDENCIES
  annotate (>= 2.5.0)
  differ
  factory_girl (~> 1.0)
  fastercsv
  haml
  htmlentities
  pg
  rack
  rails (= 2.3.14)
  rdoc
  searchlogic
  shoulda
  will_paginate (~> 2.0)
