GEM
  remote: https://rubygems.org/
  specs:
    actionmailer (2.3.18)
      actionpack (= 2.3.18)
    actionpack (2.3.18)
      activesupport (= 2.3.18)
      rack (~> 1.1.0)
    activerecord (2.3.18)
      activesupport (= 2.3.18)
    activeresource (2.3.18)
      activesupport (= 2.3.18)
    activesupport (2.3.18)
    annotate (2.5.0)
      rake
    differ (0.1.2)
    factory_girl (1.3.3)
    fastercsv (1.5.5)
    haml (3.1.8)
    htmlentities (4.3.1)
    json (1.7.7)
    newrelic_rpm (3.5.8.72)
    pg (0.14.1)
    rack (1.1.6)
    rails (2.3.18)
      actionmailer (= 2.3.18)
      actionpack (= 2.3.18)
      activerecord (= 2.3.18)
      activeresource (= 2.3.18)
      activesupport (= 2.3.18)
      rake (>= 0.8.3)
    rake (10.0.3)
    rdoc (4.0.0)
      json (~> 1.4)
    searchlogic (2.5.8)
      activerecord (~> 2.3.12)
      activerecord (~> 2.3.12)
    shoulda (3.0.1)
      shoulda-context (~> 1.0.0)
      shoulda-matchers (~> 1.0.0)
    shoulda-context (1.0.2)
    shoulda-matchers (1.0.0)
    will_paginate (2.3.16)

PLATFORMS
  ruby

DEPENDENCIES
  annotate (>= 2.5.0)
  differ
  factory_girl (~> 1.0)
  fastercsv
  haml (~> 3.0)
  htmlentities
  newrelic_rpm
  pg
  rack
  rails (= 2.3.18)
  rdoc
  searchlogic
  shoulda
  will_paginate (~> 2.0)
