GEM
  remote: http://rubygems.org/
  specs:
    actionmailer (2.3.5)
      actionpack (= 2.3.5)
    actionpack (2.3.5)
      activesupport (= 2.3.5)
      rack (~> 1.0.0)
    activerecord (2.3.5)
      activesupport (= 2.3.5)
    activeresource (2.3.5)
      activesupport (= 2.3.5)
    activesupport (2.3.5)
    differ (0.1.2)
    fastercsv (1.5.5)
    haml (3.1.7)
    htmlentities (4.3.1)
    json (1.7.5)
    pg (0.14.1)
    rack (1.0.1)
    rails (2.3.5)
      actionmailer (= 2.3.5)
      actionpack (= 2.3.5)
      activerecord (= 2.3.5)
      activeresource (= 2.3.5)
      activesupport (= 2.3.5)
      rake (>= 0.8.3)
    rake (0.9.2.2)
    rdoc (3.12)
      json (~> 1.4)
    will_paginate (2.3.16)

PLATFORMS
  ruby

DEPENDENCIES
  differ
  fastercsv
  haml
  htmlentities
  pg
  rack (= 1.0.1)
  rails (~> 2.3)
  rdoc
  will_paginate (~> 2.0)
